GEM
  remote: https://rubygems.org/
  specs:
    git (1.3.0)
    rake (12.0.0)

PLATFORMS
  ruby

DEPENDENCIES
  git (~> 1.3)
  rake (~> 12.0)

BUNDLED WITH
   1.15.1
